GEM
  remote: http://rubygems.org/
  specs:
    sass (3.2.4)

PLATFORMS
  ruby

DEPENDENCIES
  sass
